GEM
  remote: https://rubygems.org/
  specs:
    activemodel (4.2.4)
      activesupport (= 4.2.4)
      builder (~> 3.1)
    activerecord (4.2.4)
      activemodel (= 4.2.4)
      activesupport (= 4.2.4)
      arel (~> 6.0)
    activesupport (4.2.4)
      i18n (~> 0.7)
      json (~> 1.7, >= 1.7.7)
      minitest (~> 5.1)
      thread_safe (~> 0.3, >= 0.3.4)
      tzinfo (~> 1.1)
    arel (6.0.3)
    bcrypt (3.1.10)
    builder (3.2.2)
    chronic (0.10.2)
    classifier-reborn (2.0.3)
      fast-stemmer (~> 1.0)
    coderay (1.1.0)
    diff-lcs (1.2.5)
    dropbox-sdk (1.6.5)
      json
    erubis (2.7.0)
    fast-stemmer (1.0.2)
    gemoji (2.1.0)
    http_router (0.11.2)
      rack (>= 1.0.0)
      url_mount (~> 0.2.1)
    httparty (0.13.5)
      json (~> 1.8)
      multi_xml (>= 0.5.2)
    i18n (0.7.0)
    json (1.8.3)
    mail (2.5.4)
      mime-types (~> 1.16)
      treetop (~> 1.4.8)
    method_source (0.8.2)
    mime-types (1.25.1)
    mini_portile (0.6.2)
    minitest (5.8.0)
    moneta (0.7.20)
    multi_xml (0.5.5)
    nokogiri (1.6.6.2)
      mini_portile (~> 0.6.0)
    padrino (0.12.5)
      padrino-admin (= 0.12.5)
      padrino-cache (= 0.12.5)
      padrino-core (= 0.12.5)
      padrino-gen (= 0.12.5)
      padrino-helpers (= 0.12.5)
      padrino-mailer (= 0.12.5)
      padrino-support (= 0.12.5)
    padrino-admin (0.12.5)
      padrino-core (= 0.12.5)
      padrino-helpers (= 0.12.5)
    padrino-cache (0.12.5)
      moneta (~> 0.7.0)
      padrino-core (= 0.12.5)
      padrino-helpers (= 0.12.5)
    padrino-core (0.12.5)
      activesupport (>= 3.1)
      http_router (~> 0.11.0)
      padrino-support (= 0.12.5)
      rack (< 1.6.0)
      rack-protection (>= 1.5.0)
      sinatra (~> 1.4.2)
      thor (~> 0.18)
    padrino-gen (0.12.5)
      bundler (~> 1.0)
      padrino-core (= 0.12.5)
    padrino-helpers (0.12.5)
      i18n (~> 0.6, >= 0.6.7)
      padrino-support (= 0.12.5)
      tilt (~> 1.4.1)
    padrino-mailer (0.12.5)
      mail (~> 2.5.3)
      padrino-core (= 0.12.5)
    padrino-support (0.12.5)
      activesupport (>= 3.1)
    pg (0.18.2)
    pluck_to_hash (0.1.4)
      activerecord (>= 4.0.2)
    polyglot (0.3.5)
    pry (0.10.3)
      coderay (~> 1.1.0)
      method_source (~> 0.8.1)
      slop (~> 3.4)
    puma (3.4.0)
    rack (1.5.5)
    rack-protection (1.5.3)
      rack
    rack-test (0.6.3)
      rack (>= 1.0)
    rake (10.4.2)
    rspec (3.3.0)
      rspec-core (~> 3.3.0)
      rspec-expectations (~> 3.3.0)
      rspec-mocks (~> 3.3.0)
    rspec-core (3.3.2)
      rspec-support (~> 3.3.0)
    rspec-expectations (3.3.1)
      diff-lcs (>= 1.2.0, < 2.0)
      rspec-support (~> 3.3.0)
    rspec-mocks (3.3.2)
      diff-lcs (>= 1.2.0, < 2.0)
      rspec-support (~> 3.3.0)
    rspec-support (3.3.0)
    sentimentalizer (0.2.2)
    sinatra (1.4.6)
      rack (~> 1.4)
      rack-protection (~> 1.4)
      tilt (>= 1.3, < 3)
    slop (3.6.0)
    thor (0.19.1)
    thread_safe (0.3.5)
    tilt (1.4.1)
    treetop (1.4.15)
      polyglot
      polyglot (>= 0.3.1)
    tzinfo (1.2.2)
      thread_safe (~> 0.1)
    url_mount (0.2.1)
      rack
    whenever (0.9.4)
      chronic (>= 0.6.3)

PLATFORMS
  ruby

DEPENDENCIES
  activerecord (>= 3.1)
  bcrypt
  classifier-reborn
  dropbox-sdk
  erubis (~> 2.7.0)
  gemoji
  httparty
  nokogiri
  padrino (= 0.12.5)
  pg
  pluck_to_hash (~> 0.1.4)
  pry
  puma
  rack-test
  rake
  rspec
  sentimentalizer
  whenever
