PATH
  remote: .
  specs:
    net-ping (1.7.7)

GEM
  remote: http://rubygems.org/
  specs:
    fakeweb (1.3.0)
    power_assert (0.3.0)
    rake (11.2.2)
    test-unit (3.2.1)
      power_assert

PLATFORMS
  ruby

DEPENDENCIES
  fakeweb
  net-ping!
  rake
  test-unit

BUNDLED WITH
   1.11.2
